NUGET
  remote: https://nuget.org/api/v2
  specs:
    FAKE (3.13.4)
    FSharp.Compiler.Service (0.0.81)
    FSharp.Data (2.1.1)
      Zlib.Portable (>= 1.10.0) - portable-7.0
    FSharp.Formatting (2.6.0)
      FSharp.Compiler.Service (>= 0.0.81)
    Microsoft.Bcl (1.1.9)
      Microsoft.Bcl.Build (>= 1.0.14)
    Microsoft.Bcl.Build (1.0.21)
    Microsoft.Net.Http (2.2.28)
      Microsoft.Bcl (>= 1.1.9)
      Microsoft.Bcl.Build (>= 1.0.14)
    NBitcoin (1.0.7.14)
      Newtonsoft.Json (>= 6.0.1) - net45
      System.Data.SQLite.Core (>= 1.0.94.0) - net45
      protobuf-net (>= 2.0.0.668) - net45
    Newtonsoft.Json (6.0.8) - net45
    NuGet.CommandLine (2.8.3)
    NUnit (2.6.4)
    NUnit.Runners (2.6.4)
    Octokit (0.6.2)
      Microsoft.Net.Http (>= 0)
    protobuf-net (2.0.0.668) - net45
    PWDTK (2.0.0.2)
    SourceLink.Fake (0.4.2)
    System.Data.SQLite.Core (1.0.94) - net45
    Zlib.Portable (1.10.0) - portable-7.0
GITHUB
  remote: fsharp/FAKE
  specs:
    modules/Octokit/Octokit.fsx (923c0cca3310ec2e8f90e62f301f65625db02064)
      Octokit (>= 0)