NUGET
  remote: https://nuget.org/api/v2
  specs:
    Common.Logging (3.1.0)
      Common.Logging.Core (>= 3.1.0)
    Common.Logging.Core (3.1.0)
    FAKE (3.35.1)
    FSharp.Compiler.Service (0.0.90)
    FSharp.Data (2.2.2)
      Zlib.Portable (>= 1.10.0)
    FSharp.Formatting (2.9.7)
      FSharp.Compiler.Service (>= 0.0.87)
      FSharpVSPowerTools.Core (1.8.0)
    FSharpVSPowerTools.Core (1.8.0)
      FSharp.Compiler.Service (>= 0.0.87)
    HttpSignatures (1.1.4)
      Common.Logging (>= 2.3.1)
    Microsoft.Bcl (1.1.10)
      Microsoft.Bcl.Build (>= 1.0.14)
    Microsoft.Bcl.Build (1.0.21)
    Microsoft.Net.Http (2.2.29)
      Microsoft.Bcl (>= 1.1.10)
      Microsoft.Bcl.Build (>= 1.0.14)
    NBitcoin (2.1.3.0)
      Newtonsoft.Json (>= 6.0.1) - >= net45
      protobuf-net (>= 2.0.0.668) - >= net45
    Newtonsoft.Json (6.0.8) - >= net45
    NuGet.CommandLine (2.8.5)
    NUnit (2.6.4)
    NUnit.Runners (2.6.4)
    Octokit (0.12.0)
      Microsoft.Net.Http
    protobuf-net (2.0.0.668) - >= net45
    PWDTK (2.0.0.2)
    SourceLink.Fake (0.5.0)
    Zlib.Portable (1.10.0)
GITHUB
  remote: fsharp/FAKE
  specs:
    modules/Octokit/Octokit.fsx (8df5fa084bd2447427f295d3b35a131910aa054c)
      Octokit