NUGET
  remote: https://nuget.org/api/v2
  specs:
    FAKE (3.9.2)
    FSharp.Compiler.Service (0.0.67)
    FSharp.Data (2.1.0)
      Zlib.Portable (>= 1.10.0) - portable-7.0
    FSharp.Formatting (2.4.36)
      FSharp.Compiler.Service (0.0.67)
      Microsoft.AspNet.Razor (2.0.30506.0)
      RazorEngine (3.3.0)
    Microsoft.AspNet.Razor (2.0.30506.0)
    Microsoft.Bcl (1.1.9)
      Microsoft.Bcl.Build (>= 1.0.14)
    Microsoft.Bcl.Build (1.0.21)
    Microsoft.Net.Http (2.2.28)
      Microsoft.Bcl (>= 1.1.9)
      Microsoft.Bcl.Build (>= 1.0.14)
    Newtonsoft.Json (6.0.6)
    NuGet.CommandLine (2.8.3)
    NUnit (2.6.3)
    NUnit.Runners (2.6.3)
    Octokit (0.5.2)
      Microsoft.Net.Http (>= 0)
    RazorEngine (3.3.0)
      Microsoft.AspNet.Razor (>= 2.0.30506.0)
    SourceLink.Fake (0.4.2)
    Zlib.Portable (1.10.0)
GITHUB
  remote: fsharp/FAKE
  specs:
    modules/Octokit/Octokit.fsx (03067af1a740fe00b47c6e91244d2022fc91a1c3)
      Octokit (>= 0)